GEM
  remote: https://rubygems.org/
  specs:
    addressable (2.8.0)
      public_suffix (>= 2.0.2, < 5.0)
    httparty (0.20.0)
      mime-types (~> 3.0)
      multi_xml (>= 0.5.2)
    launchy (2.5.0)
      addressable (~> 2.7)
    mdpress (0.0.18)
      httparty (~> 0.13)
      launchy (~> 2.2)
      redcarpet (~> 3.1)
      trollop (~> 2.0)
    mime-types (3.4.1)
      mime-types-data (~> 3.2015)
    mime-types-data (3.2022.0105)
    multi_xml (0.6.0)
    public_suffix (4.0.7)
    redcarpet (3.5.1)
    trollop (2.9.10)

PLATFORMS
  x86_64-darwin-21

DEPENDENCIES
  mdpress

BUNDLED WITH
   2.3.7
